PATH
  remote: .
  specs:
    ar_multi_threaded_transactional_tests (0.4.0)
      activerecord (>= 4.2.0, < 6.2.0)

GEM
  remote: https://rubygems.org/
  specs:
    activemodel (6.0.1)
      activesupport (= 6.0.1)
    activerecord (6.0.1)
      activemodel (= 6.0.1)
      activesupport (= 6.0.1)
    activesupport (6.0.1)
      concurrent-ruby (~> 1.0, >= 1.0.2)
      i18n (>= 0.7, < 2)
      minitest (~> 5.1)
      tzinfo (~> 1.1)
      zeitwerk (~> 2.2)
    bump (0.6.0)
    concurrent-ruby (1.1.5)
    i18n (1.7.0)
      concurrent-ruby (~> 1.0)
    maxitest (3.6.0)
      minitest (>= 5.0.0, < 5.14.0)
    minitest (5.13.0)
    rake (12.3.1)
    single_cov (1.0.2)
    sqlite3 (1.4.2)
    thread_safe (0.3.6)
    tzinfo (1.2.5)
      thread_safe (~> 0.1)
    zeitwerk (2.2.1)

PLATFORMS
  ruby

DEPENDENCIES
  ar_multi_threaded_transactional_tests!
  bump
  maxitest
  rake
  single_cov
  sqlite3

BUNDLED WITH
   1.17.3
