PATH
  remote: .
  specs:
    ar_multi_threaded_transactional_tests (0.3.0)
      activerecord (>= 4.2.0, < 5.3.0)

GEM
  remote: https://rubygems.org/
  specs:
    activemodel (5.2.0)
      activesupport (= 5.2.0)
    activerecord (5.2.0)
      activemodel (= 5.2.0)
      activesupport (= 5.2.0)
      arel (>= 9.0)
    activesupport (5.2.0)
      concurrent-ruby (~> 1.0, >= 1.0.2)
      i18n (>= 0.7, < 2)
      minitest (~> 5.1)
      tzinfo (~> 1.1)
    arel (9.0.0)
    bump (0.6.0)
    concurrent-ruby (1.0.5)
    i18n (1.0.1)
      concurrent-ruby (~> 1.0)
    maxitest (3.0.0)
      minitest (>= 5.0.0, < 5.12.0)
    minitest (5.11.3)
    rake (12.3.1)
    single_cov (1.0.2)
    sqlite3 (1.3.13)
    thread_safe (0.3.6)
    tzinfo (1.2.5)
      thread_safe (~> 0.1)
    wwtd (1.3.0)

PLATFORMS
  ruby

DEPENDENCIES
  ar_multi_threaded_transactional_tests!
  bump
  maxitest
  rake
  single_cov
  sqlite3
  wwtd

BUNDLED WITH
   1.16.1
