PATH
  remote: .
  specs:
    ar_multi_threaded_transactional_tests (0.2.0)
      activerecord (>= 4.2.0, < 5.1.0)

GEM
  remote: https://rubygems.org/
  specs:
    activemodel (5.0.1)
      activesupport (= 5.0.1)
    activerecord (5.0.1)
      activemodel (= 5.0.1)
      activesupport (= 5.0.1)
      arel (~> 7.0)
    activesupport (5.0.1)
      concurrent-ruby (~> 1.0, >= 1.0.2)
      i18n (~> 0.7)
      minitest (~> 5.1)
      tzinfo (~> 1.1)
    arel (7.1.4)
    bump (0.5.3)
    concurrent-ruby (1.0.4)
    i18n (0.8.0)
    maxitest (2.4.0)
      minitest (>= 5.0.0, < 5.11.0)
    minitest (5.10.1)
    rake (12.0.0)
    single_cov (0.5.9)
    sqlite3 (1.3.13)
    thread_safe (0.3.5)
    tzinfo (1.2.2)
      thread_safe (~> 0.1)
    wwtd (1.3.0)

PLATFORMS
  ruby

DEPENDENCIES
  ar_multi_threaded_transactional_tests!
  bump
  maxitest
  rake
  single_cov
  sqlite3
  wwtd

BUNDLED WITH
   1.13.6
